GIT
  remote: https://github.com/basho/ripple.git
  revision: b1b3b82f0ec2fc3361b1d32129075913858b0862
  specs:
    ripple (1.0.0.beta2)
      activemodel (>= 3.0.0, < 3.3.0)
      activesupport (>= 3.0.0, < 3.3.0)
      riak-client (~> 1.1)
      tzinfo

GEM
  remote: http://rubygems.org/
  specs:
    activemodel (3.2.22.5)
      activesupport (= 3.2.22.5)
      builder (~> 3.0.0)
    activesupport (3.2.22.5)
      i18n (~> 0.6, >= 0.6.4)
      multi_json (~> 1.0)
    base64 (0.3.0)
    beefcake (1.0.0)
    builder (3.0.4)
    coderay (1.0.8)
    concurrent-ruby (1.3.5)
    diff-lcs (1.1.3)
    domain_name (0.5.4)
      unf (~> 0.0.3)
    haml (3.1.7)
    hashie (1.2.0)
    i18n (0.9.5)
      concurrent-ruby (~> 1.0)
    innertube (1.0.2)
    logger (1.7.0)
    mechanize (2.5.1)
      domain_name (~> 0.5, >= 0.5.1)
      mime-types (~> 1.17, >= 1.17.2)
      net-http-digest_auth (~> 1.1, >= 1.1.1)
      net-http-persistent (~> 2.5, >= 2.5.2)
      nokogiri (~> 1.4)
      ntlm-http (~> 0.1, >= 0.1.1)
      webrobots (~> 0.0, >= 0.0.9)
    method_source (0.8)
    mime-types (1.19)
    mini_portile2 (2.8.9)
    multi_json (1.15.0)
    mustermann (3.0.3)
      ruby2_keywords (~> 0.0.1)
    net-http-digest_auth (1.2.1)
    net-http-persistent (2.7)
    nokogiri (1.18.8)
      mini_portile2 (~> 2.8.2)
      racc (~> 1.4)
    ntlm-http (0.1.1)
    oauth (0.4.7)
    padrino (0.5.0)
      padrino-core (= 0.5.0)
      padrino-gen (= 0.5.0)
      padrino-helpers (= 0.5.0)
      padrino-mailer (= 0.5.0)
      padrino-routing (= 0.5.0)
      sinatra (>= 0.9.2)
    padrino-core (0.5.0)
      bundler (>= 0.5.0)
      i18n (>= 0.3.2)
      sinatra (>= 0.9.2)
      thor (>= 0.11.8)
    padrino-gen (0.5.0)
      bundler (>= 0.5.0)
      padrino-core (>= 0.1.1)
      sinatra (>= 0.9.2)
      thor (>= 0.11.8)
    padrino-helpers (0.5.0)
      padrino-core (>= 0.1.1)
      sinatra (>= 0.9.2)
    padrino-mailer (0.5.0)
      padrino-core (>= 0.1.1)
      sinatra (>= 0.9.2)
      tilt (>= 0.2)
      tmail (>= 1.2)
    padrino-routing (0.5.0)
      padrino-core (>= 0.1.1)
      sinatra (>= 0.9.2)
    pry (0.9.10)
      coderay (~> 1.0.5)
      method_source (~> 0.8)
      slop (~> 3.3.1)
    racc (1.8.1)
    rack (3.1.16)
    rack-protection (4.1.1)
      base64 (>= 0.1.0)
      logger (>= 1.6.0)
      rack (>= 3.0.0, < 4)
    rack-session (2.1.1)
      base64 (>= 0.1.0)
      rack (>= 3.0.0)
    rack-test (0.6.2)
      rack (>= 1.0)
    rake (0.9.2.2)
    redcarpet (2.2.2)
    redis (3.0.2)
    redis-namespace (1.2.1)
      redis (~> 3.0.0)
    resque (1.23.0)
      multi_json (~> 1.0)
      redis-namespace (~> 1.0)
      sinatra (>= 0.9.2)
      vegas (~> 0.1.2)
    riak-client (1.4.5)
      beefcake (~> 1.0.0)
      builder (>= 2.1.2)
      i18n (>= 0.4.0)
      innertube (~> 1.0.2)
      multi_json (~> 1.0)
    rspec (2.11.0)
      rspec-core (~> 2.11.0)
      rspec-expectations (~> 2.11.0)
      rspec-mocks (~> 2.11.0)
    rspec-core (2.11.1)
    rspec-expectations (2.11.3)
      diff-lcs (~> 1.1.3)
    rspec-mocks (2.11.3)
    ruby2_keywords (0.0.5)
    sinatra (4.1.1)
      logger (>= 1.6.0)
      mustermann (~> 3.0)
      rack (>= 3.0.0, < 4)
      rack-protection (= 4.1.1)
      rack-session (>= 2.0.0, < 3)
      tilt (~> 2.0)
    sinatra-flash (0.3.0)
      sinatra (>= 1.0.0)
    slop (3.3.3)
    thor (1.3.2)
    tilt (2.6.0)
    tmail (1.2.7.1)
    tzinfo (0.3.34)
    unf (0.0.5)
      unf_ext
    unf_ext (0.0.5)
    vegas (0.1.11)
      rack (>= 1.0.0)
    webrobots (0.0.13)

PLATFORMS
  ruby

DEPENDENCIES
  haml
  hashie
  mechanize
  oauth
  padrino
  pry
  rack-test
  rake
  redcarpet
  resque
  ripple!
  rspec
  sinatra-flash
